GEM
  remote: http://rubygems.org/
  specs:
    cql-rb (2.0.4)
      ione (~> 1)
    curb (0.8.6)
    feedjira (1.6.0)
      curb (~> 0.8)
      loofah (~> 2.0)
      sax-machine (~> 1.0)
    gene_pool (1.4.1)
      thread_safe
    httparty (0.13.3)
      json (~> 1.8)
      multi_xml (>= 0.5.2)
    ione (1.2.0)
    json (1.8.2)
    loofah (2.0.1)
      nokogiri (>= 1.5.9)
    mini_portile (0.6.2)
    multi_xml (0.5.5)
    nokogiri (1.6.6.2)
      mini_portile (~> 0.6.0)
    persistent_http (1.0.6)
      gene_pool (>= 1.3)
    persistent_httparty (0.1.2)
      httparty (~> 0.9)
      persistent_http (< 2)
    sax-machine (1.3.0)
    thread_safe (0.3.4)

PLATFORMS
  ruby

DEPENDENCIES
  cql-rb (~> 2.0)
  feedjira (~> 1.6)
  httparty (~> 0.13)
  persistent_httparty (~> 0.1)
